PATH
  remote: .
  specs:
    fluentd (0.10.39)
      cool.io (~> 1.1.1)
      http_parser.rb (~> 0.5.1)
      json (>= 1.4.3)
      msgpack (>= 0.4.4, < 0.6.0, != 0.5.3, != 0.5.2, != 0.5.1, != 0.5.0)
      yajl-ruby (~> 1.0)

GEM
  remote: https://rubygems.org/
  specs:
    cool.io (1.1.1)
      iobuffer (>= 1.0.0)
    dalli (2.6.4)
    http_parser.rb (0.5.3)
    iobuffer (1.1.2)
    json (1.8.1)
    msgpack (0.5.7)
    parallel (0.9.0)
    parallel_tests (0.16.3)
      parallel
    rake (10.1.0)
    rr (1.1.2)
    timecop (0.6.3)
    yajl-ruby (1.1.0)

PLATFORMS
  ruby

DEPENDENCIES
  dalli
  fluentd!
  parallel_tests (>= 0.15.3)
  rake (>= 0.9.2)
  rr (>= 1.0.0)
  timecop (>= 0.3.0)
